GEM
  remote: https://rubygems.org/
  specs:
    kramdown (1.17.0)
    mdl (0.5.0)
      kramdown (~> 1.12, >= 1.12.0)
      mixlib-cli (~> 1.7, >= 1.7.0)
      mixlib-config (~> 2.2, >= 2.2.1)
    mixlib-cli (1.7.0)
    mixlib-config (2.2.13)
      tomlrb
    rake (12.3.1)
    tomlrb (1.2.7)

PLATFORMS
  ruby

DEPENDENCIES
  mdl
  rake

BUNDLED WITH
   1.16.6
